PATH
  remote: ..
  specs:
    rack-manifest (0.1.0)
      rack (~> 2.0.1)

GEM
  remote: https://rubygems.org/
  specs:
    rack (2.0.1)

PLATFORMS
  ruby

DEPENDENCIES
  rack-manifest!

BUNDLED WITH
   1.12.5
